PATH
  remote: .
  specs:
    oorb (0.2.12)

GEM
  remote: https://rubygems.org/
  specs:
    minitest (5.9.0)
    rake (10.5.0)

PLATFORMS
  ruby

DEPENDENCIES
  bundler (~> 1.11)
  minitest (~> 5.0)
  oorb!
  rake (~> 10.0)

BUNDLED WITH
   1.12.5
